GEM
  remote: https://rubygems.org/
  specs:
    csv (3.1.2)

PLATFORMS
  x86_64-darwin-20

DEPENDENCIES
  csv

BUNDLED WITH
   2.3.21
